GEM
  remote: https://rubygems.org/
  specs:
    sqlite3 (1.4.2)

PLATFORMS
  ruby

DEPENDENCIES
  sqlite3

RUBY VERSION
   ruby 3.1.0p0

BUNDLED WITH
   2.3.3
